GIT
  remote: https://github.com/mperham/sidekiq.git
  revision: 83bdf72acce82eea1d35397ac15c2d092ad6543d
  ref: 83bdf72acce82eea1d35397ac15c2d092ad6543d
  specs:
    sidekiq (2.0.3)
      celluloid (~> 0.11.0)
      connection_pool (~> 0.9.0)
      multi_json (~> 1)
      redis (~> 3)
      redis-namespace

GEM
  remote: https://rubygems.org/
  specs:
    POpen4 (0.1.4)
      Platform (>= 0.4.0)
      open4
    Platform (0.4.0)
    activemodel (3.2.8)
      activesupport (= 3.2.8)
      builder (~> 3.0.0)
    activesupport (3.2.8)
      i18n (~> 0.6)
      multi_json (~> 1.0)
    addressable (2.3.2)
    aws-sdk (1.6.3)
      httparty (~> 0.7)
      json (~> 1.4)
      nokogiri (>= 1.4.4)
      uuidtools (~> 2.1)
    backports (2.6.3)
    bcrypt-ruby (3.0.1)
    builder (3.0.0)
    celluloid (0.11.1)
      timers (>= 1.0.0)
    coderay (1.0.7)
    coffee-script (2.2.0)
      coffee-script-source
      execjs
    coffee-script-source (1.3.3)
    commonjs (0.2.6)
    connection_pool (0.9.2)
    crack (0.3.1)
    daemons (1.1.9)
    diff-lcs (1.1.3)
    docsplit (0.6.3)
    dotenv (0.8.0)
    eventmachine (0.12.10)
    excon (0.16.1)
    execjs (1.4.0)
      multi_json (~> 1.0)
    factory_girl (4.0.0)
      activesupport (>= 3.0.0)
    fakeredis (0.4.0)
      redis (~> 3.0.0)
    ffi (1.1.5)
    foreman (0.55.0)
      thor (>= 0.13.6)
    guard (1.3.2)
      listen (>= 0.4.2)
      thor (>= 0.14.6)
    guard-coffeescript (1.2.0)
      coffee-script (>= 2.2.0)
      guard (>= 1.1.0)
    guard-jammit (1.0.1)
      guard (>= 1.1.0)
      jammit
    guard-less (0.1.2)
      guard (>= 0.2.2)
      less (~> 2.1.0)
    haml (3.1.7)
    heroku (2.30.3)
      heroku-api (~> 0.3.4)
      launchy (>= 0.3.2)
      netrc (~> 0.7.7)
      rest-client (~> 1.6.1)
      rubyzip
    heroku-api (0.3.4)
      excon (~> 0.16.1)
    hike (1.2.1)
    httparty (0.8.3)
      multi_json (~> 1.0)
      multi_xml
    i18n (0.6.0)
    jammit (0.6.5)
      yui-compressor (>= 0.9.3)
    json (1.7.5)
    jsonify (0.4.0)
      multi_json (~> 1.3)
    kgio (2.7.4)
    launchy (2.1.2)
      addressable (~> 2.3)
    less (2.1.0)
      commonjs (~> 0.2.0)
      therubyracer (~> 0.10.0)
    libv8 (3.3.10.4)
    listen (0.4.7)
      rb-fchange (~> 0.0.5)
      rb-fsevent (~> 0.9.1)
      rb-inotify (~> 0.8.8)
    method_source (0.8)
    mime-types (1.19)
    multi_json (1.3.6)
    multi_xml (0.5.1)
    netrc (0.7.7)
    nokogiri (1.5.5)
    open4 (1.3.0)
    pry (0.9.10)
      coderay (~> 1.0.5)
      method_source (~> 0.8)
      slop (~> 3.3.1)
    pusher (0.9.4)
      multi_json (~> 1.0)
      signature (~> 0.1.2)
    rack (1.4.1)
    rack-protection (1.2.0)
      rack
    rack-test (0.6.1)
      rack (>= 1.0)
    racksh (0.9.11)
      rack (>= 1.0)
      rack-test (>= 0.5)
    raindrops (0.10.0)
    rake (0.9.2.2)
    rb-fchange (0.0.5)
      ffi
    rb-fsevent (0.9.1)
    rb-inotify (0.8.8)
      ffi (>= 0.5.0)
    redis (3.0.1)
    redis-namespace (1.2.1)
      redis (~> 3.0.0)
    redis-store (1.1.1)
      redis (>= 2.2.0)
    rest-client (1.6.7)
      mime-types (>= 1.16)
    rspec (2.11.0)
      rspec-core (~> 2.11.0)
      rspec-expectations (~> 2.11.0)
      rspec-mocks (~> 2.11.0)
    rspec-core (2.11.1)
    rspec-expectations (2.11.2)
      diff-lcs (~> 1.1.3)
    rspec-mocks (2.11.2)
    rubyzip (0.9.9)
    signature (0.1.4)
    sinatra (1.3.2)
      rack (~> 1.3, >= 1.3.6)
      rack-protection (~> 1.2)
      tilt (~> 1.3, >= 1.3.3)
    sinatra-contrib (1.3.1)
      backports (>= 2.0)
      eventmachine
      rack-protection
      rack-test
      sinatra (~> 1.3.0)
      tilt (~> 1.3)
    slim (1.2.2)
      temple (~> 0.4.0)
      tilt (~> 1.3.3)
    slop (3.3.2)
    sprockets (2.4.5)
      hike (~> 1.2)
      multi_json (~> 1.0)
      rack (~> 1.0)
      tilt (~> 1.1, != 1.3.0)
    stripe (1.7.1)
      multi_json (~> 1.1)
      rest-client (~> 1.4)
    sunlight (1.1.0)
      json (>= 1.1.3)
      ym4r (>= 0.6.1)
    temple (0.4.0)
    therubyracer (0.10.2)
      libv8 (~> 3.3.10)
    thin (1.4.1)
      daemons (>= 1.0.9)
      eventmachine (>= 0.12.6)
      rack (>= 1.0.0)
    thor (0.16.0)
    tilt (1.3.3)
    timers (1.0.1)
    unicorn (4.3.1)
      kgio (~> 2.6)
      rack
      raindrops (~> 0.7)
    uuidtools (2.1.3)
    webmock (1.6.2)
      addressable (>= 2.2.2)
      crack (>= 0.1.7)
    ym4r (0.6.1)
    yui-compressor (0.9.6)
      POpen4 (>= 0.1.4)

PLATFORMS
  ruby

DEPENDENCIES
  activemodel
  aws-sdk
  bcrypt-ruby
  docsplit
  dotenv
  factory_girl
  fakeredis
  foreman
  guard
  guard-coffeescript
  guard-jammit
  guard-less
  haml
  heroku
  json
  jsonify
  less
  pry
  pusher
  rack-test
  racksh
  rake
  redis
  redis-store
  rest-client
  rspec
  sidekiq!
  sinatra
  sinatra-contrib
  slim
  sprockets
  stripe
  sunlight
  therubyracer
  thin
  unicorn
  webmock (= 1.6.2)
